GIT
  remote: https://github.com/lucasmenezesds/discordrb.git
  revision: 9341cd3a8d7585ce12b90b47f3698abb145e8fa6
  branch: hotfix/voice_websocket
  specs:
    discordrb (3.3.0)
      discordrb-webhooks (~> 3.3.0)
      ffi (>= 1.9.24)
      opus-ruby
      rest-client (>= 2.0.0)
      websocket-client-simple (>= 0.3.0)
    discordrb-webhooks (3.3.0)
      rest-client (>= 2.0.0)

GEM
  remote: https://rubygems.org/
  specs:
    ast (2.4.1)
    coderay (1.1.3)
    concurrent-ruby (1.1.7)
    diff-lcs (1.4.4)
    docile (1.3.2)
    domain_name (0.5.20190701)
      unf (>= 0.0.5, < 1.0.0)
    dotenv (2.7.6)
    event_emitter (0.2.6)
    faraday (1.0.1)
      multipart-post (>= 1.2, < 3)
    ffi (1.13.1)
    formatador (0.2.5)
    guard (2.16.2)
      formatador (>= 0.2.4)
      listen (>= 2.7, < 4.0)
      lumberjack (>= 1.0.12, < 2.0)
      nenv (~> 0.1)
      notiffany (~> 0.0)
      pry (>= 0.9.12)
      shellany (~> 0.0)
      thor (>= 0.18.1)
    guard-compat (1.2.1)
    guard-rspec (4.7.3)
      guard (~> 2.1)
      guard-compat (~> 1.1)
      rspec (>= 2.99.0, < 4.0)
    http-accept (1.7.0)
    http-cookie (1.0.3)
      domain_name (~> 0.5)
    http_router (0.11.2)
      rack (>= 1.0.0)
      url_mount (~> 0.2.1)
    httparty (0.18.1)
      mime-types (~> 3.0)
      multi_xml (>= 0.5.2)
    i18n (1.8.5)
      concurrent-ruby (~> 1.0)
    ice_nine (0.11.2)
    listen (3.2.1)
      rb-fsevent (~> 0.10, >= 0.10.3)
      rb-inotify (~> 0.9, >= 0.9.10)
    lita (4.7.1)
      bundler (>= 1.3)
      faraday (>= 0.8.7)
      http_router (>= 0.11.2)
      i18n (>= 0.6.9)
      ice_nine (>= 0.11.0)
      multi_json (>= 1.7.7)
      puma (>= 2.7.1)
      rack (>= 1.5.2, < 2.0.0)
      rb-readline (>= 0.5.1)
      redis-namespace (>= 1.3.0)
      thor (>= 0.18.1)
    lita-heroku-keepalive (0.2.1)
      lita (>= 4.7)
    lumberjack (1.2.7)
    method_source (1.0.0)
    mime-types (3.3.1)
      mime-types-data (~> 3.2015)
    mime-types-data (3.2020.0512)
    multi_json (1.15.0)
    multi_xml (0.6.0)
    multipart-post (2.1.1)
    nenv (0.3.0)
    netrc (0.11.0)
    nio4r (2.5.2)
    notiffany (0.1.3)
      nenv (~> 0.1)
      shellany (~> 0.0)
    opus-ruby (1.0.1)
      ffi
    parallel (1.19.2)
    parser (2.7.1.4)
      ast (~> 2.4.1)
    pry (0.13.1)
      coderay (~> 1.1)
      method_source (~> 1.0)
    puma (4.3.5)
      nio4r (~> 2.0)
    rack (1.6.13)
    rainbow (3.0.0)
    rb-fsevent (0.10.4)
    rb-inotify (0.10.1)
      ffi (~> 1.0)
    rb-readline (0.5.5)
    redis (4.2.1)
    redis-namespace (1.7.0)
      redis (>= 3.0.4)
    regexp_parser (1.7.1)
    rest-client (2.1.0)
      http-accept (>= 1.7.0, < 2.0)
      http-cookie (>= 1.0.2, < 2.0)
      mime-types (>= 1.16, < 4.0)
      netrc (~> 0.8)
    rexml (3.2.4)
    rspec (3.9.0)
      rspec-core (~> 3.9.0)
      rspec-expectations (~> 3.9.0)
      rspec-mocks (~> 3.9.0)
    rspec-core (3.9.2)
      rspec-support (~> 3.9.3)
    rspec-expectations (3.9.2)
      diff-lcs (>= 1.2.0, < 2.0)
      rspec-support (~> 3.9.0)
    rspec-mocks (3.9.1)
      diff-lcs (>= 1.2.0, < 2.0)
      rspec-support (~> 3.9.0)
    rspec-support (3.9.3)
    rubocop (0.89.1)
      parallel (~> 1.10)
      parser (>= 2.7.1.1)
      rainbow (>= 2.2.2, < 4.0)
      regexp_parser (>= 1.7)
      rexml
      rubocop-ast (>= 0.3.0, < 1.0)
      ruby-progressbar (~> 1.7)
      unicode-display_width (>= 1.4.0, < 2.0)
    rubocop-ast (0.3.0)
      parser (>= 2.7.1.4)
    ruby-progressbar (1.10.1)
    shellany (0.0.1)
    simplecov (0.18.5)
      docile (~> 1.1)
      simplecov-html (~> 0.11)
    simplecov-html (0.12.2)
    thor (1.0.1)
    unf (0.1.4)
      unf_ext
    unf_ext (0.0.7.7)
    unicode-display_width (1.7.0)
    url_mount (0.2.1)
      rack
    websocket (1.2.8)
    websocket-client-simple (0.3.0)
      event_emitter
      websocket

PLATFORMS
  ruby

DEPENDENCIES
  discordrb!
  dotenv (~> 2.4)
  guard
  guard-rspec
  httparty (~> 0.18.0)
  lita-heroku-keepalive
  pry
  rspec
  rubocop
  simplecov

BUNDLED WITH
   2.1.4
